GEM
  remote: https://rubygems.org/
  specs:
    addressable (2.5.1)
      public_suffix (~> 2.0, >= 2.0.2)
    aws-sdk (2.10.3)
      aws-sdk-resources (= 2.10.3)
    aws-sdk-core (2.10.3)
      aws-sigv4 (~> 1.0)
      jmespath (~> 1.0)
    aws-sdk-resources (2.10.3)
      aws-sdk-core (= 2.10.3)
    aws-sigv4 (1.0.0)
    colorator (1.1.0)
    colored (1.2)
    configure-s3-website (2.0.0)
      aws-sdk (~> 2)
      deep_merge (~> 1.0.0)
    deep_merge (1.0.1)
    dotenv (1.0.2)
    ffi (1.9.18)
    forwardable-extended (2.6.0)
    jekyll (3.5.0)
      addressable (~> 2.4)
      colorator (~> 1.0)
      jekyll-sass-converter (~> 1.0)
      jekyll-watch (~> 1.1)
      kramdown (~> 1.3)
      liquid (~> 4.0)
      mercenary (~> 0.3.3)
      pathutil (~> 0.9)
      rouge (~> 1.7)
      safe_yaml (~> 1.0)
    jekyll-paginate (1.1.0)
    jekyll-sass-converter (1.5.0)
      sass (~> 3.4)
    jekyll-seo-tag (2.2.3)
      jekyll (~> 3.3)
    jekyll-watch (1.5.0)
      listen (~> 3.0, < 3.1)
    jmespath (1.3.1)
    kramdown (1.13.2)
    liquid (4.0.0)
    listen (3.0.8)
      rb-fsevent (~> 0.9, >= 0.9.4)
      rb-inotify (~> 0.9, >= 0.9.7)
    mercenary (0.3.6)
    pathutil (0.14.0)
      forwardable-extended (~> 2.6)
    public_suffix (2.0.5)
    rake (12.0.0)
    rb-fsevent (0.9.8)
    rb-inotify (0.9.10)
      ffi (>= 0.5.0, < 2)
    redcarpet (3.4.0)
    rouge (1.11.1)
    s3_website (3.1.0)
      colored (= 1.2)
      configure-s3-website (= 2.0.0)
      dotenv (~> 1.0)
      thor (~> 0.18)
    safe_yaml (1.0.4)
    sass (3.4.24)
    thor (0.19.4)

PLATFORMS
  ruby

DEPENDENCIES
  jekyll (~> 3.5)
  jekyll-paginate (~> 1.1)
  jekyll-seo-tag (~> 2.2)
  rake (~> 12.0)
  redcarpet (~> 3.4)
  s3_website (~> 3.1)

BUNDLED WITH
   1.15.1
